GEM
  remote: https://rubygems.org/
  specs:
    gdata_19 (1.1.5)

PLATFORMS
  ruby

DEPENDENCIES
  gdata_19 (~> 1.1.5)
